GEM
  remote: https://rubygems.org/
  specs:
    json (2.5.1)


DEPENDENCIES
  json


